GEM
  remote: https://rubygems.org/
  specs:
    actioncable (7.1.0)
      actionpack (= 7.1.0)
      activesupport (= 7.1.0)
      nio4r (~> 2.0)
      websocket-driver (>= 0.6.1)
      zeitwerk (~> 2.6)
    actionmailbox (7.1.0)
      actionpack (= 7.1.0)
      activejob (= 7.1.0)
      activerecord (= 7.1.0)
      activestorage (= 7.1.0)
      activesupport (= 7.1.0)
      mail (>= 2.7.1)
      net-imap
      net-pop
      net-smtp
    actionmailer (7.1.0)
      actionpack (= 7.1.0)
      actionview (= 7.1.0)
      activejob (= 7.1.0)
      activesupport (= 7.1.0)
      mail (~> 2.5, >= 2.5.4)
      net-imap
      net-pop
      net-smtp
      rails-dom-testing (~> 2.2)
    actionpack (7.1.0)
      actionview (= 7.1.0)
      activesupport (= 7.1.0)
      nokogiri (>= 1.8.5)
      rack (>= 2.2.4)
      rack-session (>= 1.0.1)
      rack-test (>= 0.6.3)
      rails-dom-testing (~> 2.2)
      rails-html-sanitizer (~> 1.6)
    actiontext (7.1.0)
      actionpack (= 7.1.0)
      activerecord (= 7.1.0)
      activestorage (= 7.1.0)
      activesupport (= 7.1.0)
      globalid (>= 0.6.0)
      nokogiri (>= 1.8.5)
    actionview (7.1.0)
      activesupport (= 7.1.0)
      builder (~> 3.1)
      erubi (~> 1.11)
      rails-dom-testing (~> 2.2)
      rails-html-sanitizer (~> 1.6)
    activejob (7.1.0)
      activesupport (= 7.1.0)
      globalid (>= 0.3.6)
    activemodel (7.1.0)
      activesupport (= 7.1.0)
    activerecord (7.1.0)
      activemodel (= 7.1.0)
      activesupport (= 7.1.0)
      timeout (>= 0.4.0)
    activestorage (7.1.0)
      actionpack (= 7.1.0)
      activejob (= 7.1.0)
      activerecord (= 7.1.0)
      activesupport (= 7.1.0)
      marcel (~> 1.0)
    activesupport (7.1.0)
      base64
      bigdecimal
      concurrent-ruby (~> 1.0, >= 1.0.2)
      connection_pool (>= 2.2.5)
      drb
      i18n (>= 1.6, < 2)
      minitest (>= 5.1)
      mutex_m
      tzinfo (~> 2.0)
    addressable (2.8.5)
      public_suffix (>= 2.0.2, < 6.0)
    aws-eventstream (1.2.0)
    aws-partitions (1.826.0)
    aws-sdk-core (3.183.0)
      aws-eventstream (~> 1, >= 1.0.2)
      aws-partitions (~> 1, >= 1.651.0)
      aws-sigv4 (~> 1.5)
      jmespath (~> 1, >= 1.6.1)
    aws-sdk-kms (1.71.0)
      aws-sdk-core (~> 3, >= 3.177.0)
      aws-sigv4 (~> 1.1)
    aws-sdk-s3 (1.135.0)
      aws-sdk-core (~> 3, >= 3.181.0)
      aws-sdk-kms (~> 1)
      aws-sigv4 (~> 1.6)
    aws-sigv4 (1.6.0)
      aws-eventstream (~> 1, >= 1.0.2)
    base64 (0.1.1)
    bigdecimal (3.1.4)
    bindex (0.8.1)
    bootsnap (1.16.0)
      msgpack (~> 1.2)
    builder (3.2.4)
    capybara (3.39.2)
      addressable
      matrix
      mini_mime (>= 0.1.3)
      nokogiri (~> 1.8)
      rack (>= 1.6.0)
      rack-test (>= 0.6.3)
      regexp_parser (>= 1.5, < 3.0)
      xpath (~> 3.2)
    concurrent-ruby (1.2.2)
    connection_pool (2.4.1)
    crass (1.0.6)
    css_parser (1.16.0)
      addressable
    date (3.3.3)
    debug (1.8.0)
      irb (>= 1.5.0)
      reline (>= 0.3.1)
    dockerfile-rails (1.5.9)
      rails
    domain_name (0.5.20190701)
      unf (>= 0.0.5, < 1.0.0)
    dotenv (2.8.1)
    dotenv-rails (2.8.1)
      dotenv (= 2.8.1)
      railties (>= 3.2)
    drb (2.1.1)
      ruby2_keywords
    error_highlight (0.5.1)
    erubi (1.12.0)
    ffi (1.16.3)
    globalid (1.2.1)
      activesupport (>= 6.1)
    hanami-router (0.6.2)
      hanami-utils (~> 0.7)
      http_router (~> 0.11)
    hanami-utils (0.9.2)
    htmlbeautifier (1.4.2)
    htmlentities (4.3.4)
    http-accept (1.7.0)
    http-cookie (1.0.5)
      domain_name (~> 0.5)
    http_router (0.11.2)
      rack (>= 1.0.0)
      url_mount (~> 0.2.1)
    i18n (1.14.1)
      concurrent-ruby (~> 1.0)
    imagekitio (2.3.0)
      addressable (~> 2.8)
      multipart-post (>= 2.1.0)
      rest-client (~> 2.1, >= 2.1)
    importmap-rails (1.2.1)
      actionpack (>= 6.0.0)
      railties (>= 6.0.0)
    inline_svg (1.9.0)
      activesupport (>= 3.0)
      nokogiri (>= 1.6)
    io-console (0.6.0)
    irb (1.8.1)
      rdoc
      reline (>= 0.3.8)
    jbuilder (2.11.5)
      actionview (>= 5.0.0)
      activesupport (>= 5.0.0)
    jmespath (1.6.2)
    listen (3.8.0)
      rb-fsevent (~> 0.10, >= 0.10.3)
      rb-inotify (~> 0.9, >= 0.9.10)
    litestack (0.3.0)
      erubi
      hanami-router
      oj
      rack
      sqlite3
      tilt
    loofah (2.21.3)
      crass (~> 1.0.2)
      nokogiri (>= 1.12.0)
    lookbook (2.1.1)
      activemodel
      css_parser
      htmlbeautifier (~> 1.3)
      htmlentities (~> 4.3.4)
      marcel (~> 1.0)
      railties (>= 5.0)
      redcarpet (~> 3.5)
      rouge (>= 3.26, < 5.0)
      view_component (>= 2.0)
      yard (~> 0.9.25)
      zeitwerk (~> 2.5)
    lru_redux (1.1.0)
    mail (2.8.1)
      mini_mime (>= 0.1.1)
      net-imap
      net-pop
      net-smtp
    marcel (1.0.2)
    matrix (0.4.2)
    method_source (1.0.0)
    mime-types (3.5.1)
      mime-types-data (~> 3.2015)
    mime-types-data (3.2023.0808)
    mini_mime (1.1.5)
    minitest (5.20.0)
    msgpack (1.7.2)
    multipart-post (2.3.0)
    mutex_m (0.1.2)
    net-imap (0.4.0)
      date
      net-protocol
    net-pop (0.1.2)
      net-protocol
    net-protocol (0.2.1)
      timeout
    net-smtp (0.4.0)
      net-protocol
    netrc (0.11.0)
    nio4r (2.5.9)
    nokogiri (1.15.4-aarch64-linux)
      racc (~> 1.4)
    nokogiri (1.15.4-arm64-darwin)
      racc (~> 1.4)
    nokogiri (1.15.4-x86_64-linux)
      racc (~> 1.4)
    oj (3.16.1)
    psych (5.1.0)
      stringio
    public_suffix (5.0.3)
    puma (6.3.1)
      nio4r (~> 2.0)
    racc (1.7.1)
    rack (3.0.8)
    rack-cors (2.0.1)
      rack (>= 2.0.0)
    rack-session (2.0.0)
      rack (>= 3.0.0)
    rack-test (2.1.0)
      rack (>= 1.3)
    rackup (2.1.0)
      rack (>= 3)
      webrick (~> 1.8)
    rails (7.1.0)
      actioncable (= 7.1.0)
      actionmailbox (= 7.1.0)
      actionmailer (= 7.1.0)
      actionpack (= 7.1.0)
      actiontext (= 7.1.0)
      actionview (= 7.1.0)
      activejob (= 7.1.0)
      activemodel (= 7.1.0)
      activerecord (= 7.1.0)
      activestorage (= 7.1.0)
      activesupport (= 7.1.0)
      bundler (>= 1.15.0)
      railties (= 7.1.0)
    rails-dom-testing (2.2.0)
      activesupport (>= 5.0.0)
      minitest
      nokogiri (>= 1.6)
    rails-html-sanitizer (1.6.0)
      loofah (~> 2.21)
      nokogiri (~> 1.14)
    rails_live_reload (0.3.4)
      listen
      nio4r
      railties
      websocket-driver
    railties (7.1.0)
      actionpack (= 7.1.0)
      activesupport (= 7.1.0)
      irb
      rackup (>= 1.0.0)
      rake (>= 12.2)
      thor (~> 1.0, >= 1.2.2)
      zeitwerk (~> 2.6)
    rake (13.0.6)
    rb-fsevent (0.11.2)
    rb-inotify (0.10.1)
      ffi (~> 1.0)
    rdoc (6.5.0)
      psych (>= 4.0.0)
    redcarpet (3.6.0)
    regexp_parser (2.8.1)
    reline (0.3.9)
      io-console (~> 0.5)
    requestjs-rails (0.0.10)
      rails (>= 6.0.0)
    rest-client (2.1.0)
      http-accept (>= 1.7.0, < 2.0)
      http-cookie (>= 1.0.2, < 2.0)
      mime-types (>= 1.16, < 4.0)
      netrc (~> 0.8)
    rexml (3.2.6)
    rouge (4.1.3)
    ruby2_keywords (0.0.5)
    rubyzip (2.3.2)
    selenium-webdriver (4.12.0)
      rexml (~> 3.2, >= 3.2.5)
      rubyzip (>= 1.2.2, < 3.0)
      websocket (~> 1.0)
    sprockets (4.2.1)
      concurrent-ruby (~> 1.0)
      rack (>= 2.2.4, < 4)
    sprockets-rails (3.4.2)
      actionpack (>= 5.2)
      activesupport (>= 5.2)
      sprockets (>= 3.0.0)
    sqlite3 (1.6.7-aarch64-linux)
    sqlite3 (1.6.7-arm64-darwin)
    sqlite3 (1.6.7-x86_64-linux)
    stimulus-rails (1.2.2)
      railties (>= 6.0.0)
    stringio (3.0.8)
    tailwind_merge (0.8.1)
      lru_redux (~> 1.1)
    tailwindcss-rails (2.0.30-aarch64-linux)
      railties (>= 6.0.0)
    tailwindcss-rails (2.0.30-arm64-darwin)
      railties (>= 6.0.0)
    tailwindcss-rails (2.0.30-x86_64-linux)
      railties (>= 6.0.0)
    thor (1.2.2)
    tilt (2.3.0)
    timeout (0.4.0)
    turbo-rails (1.4.0)
      actionpack (>= 6.0.0)
      activejob (>= 6.0.0)
      railties (>= 6.0.0)
    tzinfo (2.0.6)
      concurrent-ruby (~> 1.0)
    unf (0.1.4)
      unf_ext
    unf_ext (0.0.8.2)
    url_mount (0.2.1)
      rack
    view_component (3.6.0)
      activesupport (>= 5.2.0, < 8.0)
      concurrent-ruby (~> 1.0)
      method_source (~> 1.0)
    web-console (4.2.1)
      actionview (>= 6.0.0)
      activemodel (>= 6.0.0)
      bindex (>= 0.4.0)
      railties (>= 6.0.0)
    webrick (1.8.1)
    websocket (1.2.10)
    websocket-driver (0.7.6)
      websocket-extensions (>= 0.1.0)
    websocket-extensions (0.1.5)
    xpath (3.2.0)
      nokogiri (~> 1.8)
    yard (0.9.34)
    zeitwerk (2.6.12)

PLATFORMS
  aarch64-linux
  arm64-darwin-22
  x86_64-linux

DEPENDENCIES
  aws-sdk-s3 (~> 1.135)
  bootsnap
  capybara
  debug
  dockerfile-rails (>= 1.5)
  dotenv-rails
  error_highlight (>= 0.4.0)
  imagekitio (~> 2.3)
  importmap-rails
  inline_svg (~> 1.9)
  jbuilder
  litestack (~> 0.3.0)
  lookbook (>= 2.1.1)
  puma (>= 5.0)
  rack-cors (~> 2.0)
  rails (~> 7.1.0.beta1)
  rails_live_reload
  requestjs-rails (~> 0.0.10)
  selenium-webdriver
  sprockets-rails
  sqlite3 (~> 1.4)
  stimulus-rails
  tailwind_merge (~> 0.8.1)
  tailwindcss-rails
  turbo-rails
  tzinfo-data
  web-console

RUBY VERSION
   ruby 3.2.2p53

BUNDLED WITH
   2.4.20
